PATH
  remote: .
  specs:
    military_operations (0.0.1)
      blanket_wrapper (~> 3.0)
      nokogiri (~> 1.6)

GEM
  remote: https://rubygems.org/
  specs:
    blanket_wrapper (3.0.1)
      httparty
      recursive-open-struct
    coderay (1.1.0)
    httparty (0.13.3)
      json (~> 1.8)
      multi_xml (>= 0.5.2)
    json (1.8.2)
    method_source (0.8.2)
    mini_portile (0.6.2)
    multi_xml (0.5.5)
    nokogiri (1.6.6.2)
      mini_portile (~> 0.6.0)
    pry (0.10.1)
      coderay (~> 1.1.0)
      method_source (~> 0.8.1)
      slop (~> 3.4)
    rake (10.4.2)
    recursive-open-struct (0.6.3)
    slop (3.6.0)

PLATFORMS
  ruby

DEPENDENCIES
  bundler (~> 1.7)
  military_operations!
  pry
  rake (~> 10.0)
